GIT
  remote: git://github.com/collectiveidea/delayed_job.git
  revision: a22aa725cb7085bf2715592f0b5ae54c681afe95
  branch: v2.0
  specs:
    delayed_job (2.0.7)
      activesupport (~> 2.0)
      daemons (= 1.0.10)

GIT
  remote: git://github.com/rails/exception_notification.git
  revision: f9865f54b415e4f87e582f6256a811d5c5f54d7b
  branch: 2-3-stable
  specs:
    exception_notification (2.3.3.0)

GEM
  remote: http://ruby.taobao.org/
  specs:
    SystemTimer (1.2.3)
    aasm (3.0.2)
      activerecord
    actionmailer (2.3.14)
      actionpack (= 2.3.14)
    actionpack (2.3.14)
      activesupport (= 2.3.14)
      rack (~> 1.1.0)
    activerecord (2.3.14)
      activesupport (= 2.3.14)
    activerecord-jdbc-adapter (1.2.2)
    activerecord-jdbcmysql-adapter (1.2.2)
      activerecord-jdbc-adapter (~> 1.2.2)
      jdbc-mysql (~> 5.1.0)
    activeresource (2.3.14)
      activesupport (= 2.3.14)
    activesupport (2.3.14)
    after_commit (1.0.10)
      activerecord (>= 1.15.6, < 3.0.0)
    bouncy-castle-java (1.5.0146.1)
    capistrano (2.9.0)
      highline
      net-scp (>= 1.0.0)
      net-sftp (>= 2.0.0)
      net-ssh (>= 2.0.14)
      net-ssh-gateway (>= 1.1.0)
    cgi_multipart_eof_fix (2.5.0)
    chronic (0.6.7)
    chunky_png (1.2.5)
    cocaine (0.2.1)
    compass (0.11.7)
      chunky_png (~> 1.2)
      fssm (>= 0.2.7)
      sass (~> 3.1)
    daemons (1.0.10)
    data_fabric (1.3.3)
    fastthread (1.0.7)
    fssm (0.2.8.1)
    gem_plugin (0.2.3)
    highline (1.6.11)
    httparty (0.8.1)
      multi_json
      multi_xml
    jdbc-mysql (5.1.13)
    jruby-openssl (0.7.6.1)
      bouncy-castle-java (>= 1.5.0146.1)
    json (1.6.5)
    json (1.6.5-java)
    memcache-client (1.8.5)
    mime-types (1.17.2)
    mini_magick (3.4)
      subexec (~> 0.2.1)
    mongrel (1.1.5)
      cgi_multipart_eof_fix (>= 2.4)
      daemons (>= 1.0.3)
      fastthread (>= 1.0.1)
      gem_plugin (>= 0.2.3)
    mongrel (1.1.5-java)
      gem_plugin (>= 0.2.3)
    mongrel (1.1.5-x86-mingw32)
      cgi_multipart_eof_fix (>= 2.4)
      gem_plugin (>= 0.2.3)
    multi_json (1.0.4)
    multi_xml (0.4.1)
    mysql (2.8.1)
    mysql (2.8.1-x86-mingw32)
    net-scp (1.0.4)
      net-ssh (>= 1.99.1)
    net-sftp (2.0.5)
      net-ssh (>= 2.0.9)
    net-ssh (2.3.0)
    net-ssh-gateway (1.1.0)
      net-ssh (>= 1.99.1)
    newrelic_rpm (3.3.2.1)
    oauth (0.4.5)
    oauth-plugin (0.3.14)
      oauth (>= 0.3.5)
    paperclip (2.6.0)
      activerecord (>= 2.3.0)
      activesupport (>= 2.3.2)
      cocaine (>= 0.0.2)
      mime-types
    rack (1.1.3)
    rack-cache (1.1)
      rack (>= 0.4)
    rails (2.3.14)
      actionmailer (= 2.3.14)
      actionpack (= 2.3.14)
      activerecord (= 2.3.14)
      activeresource (= 2.3.14)
      activesupport (= 2.3.14)
      rake (>= 0.8.3)
    rake (0.9.2.2)
    rdoc (3.12)
      json (~> 1.4)
    riddle (1.5.1)
    sass (3.1.15)
    searchlogic (2.5.8)
      activerecord (~> 2.3.12)
      activerecord (~> 2.3.12)
    subexec (0.2.1)
    thinking-sphinx (1.4.11)
      activerecord (>= 1.15.6, < 3.0.0)
      after_commit (>= 1.0.7)
      riddle (>= 1.5.0)
    whenever (0.7.3)
      activesupport (>= 2.3.4)
      chronic (~> 0.6.3)
    will_paginate (2.3.16)
    win32console (1.3.2-x86-mingw32)

PLATFORMS
  java
  ruby
  x86-mingw32

DEPENDENCIES
  SystemTimer
  aasm
  activerecord-jdbcmysql-adapter
  capistrano
  compass
  data_fabric
  delayed_job (~> 2.0.4)!
  exception_notification!
  httparty
  jruby-openssl
  memcache-client
  mini_magick
  mongrel
  mysql
  newrelic_rpm
  oauth
  oauth-plugin
  paperclip
  rack-cache
  rails (~> 2.3.5)
  rdoc
  searchlogic
  thinking-sphinx (~> 1.4.10)
  whenever
  will_paginate (~> 2.3.2)
  win32console (~> 1.3.2)
